PATH
  remote: .
  specs:
    sitefull-cloud (0.2)
      activesupport
      aws-sdk
      azure
      azure_mgmt_compute
      azure_mgmt_network
      azure_mgmt_resources
      azure_mgmt_storage
      faraday
      google-api-client
      multi_json
      net-ssh
      signet

GEM
  remote: https://rubygems.org/
  specs:
    activesupport (5.0.1)
      concurrent-ruby (~> 1.0, >= 1.0.2)
      i18n (~> 0.7)
      minitest (~> 5.1)
      tzinfo (~> 1.1)
    addressable (2.5.0)
      public_suffix (~> 2.0, >= 2.0.2)
    aws-sdk (2.7.9)
      aws-sdk-resources (= 2.7.9)
    aws-sdk-core (2.7.9)
      aws-sigv4 (~> 1.0)
      jmespath (~> 1.0)
    aws-sdk-resources (2.7.9)
      aws-sdk-core (= 2.7.9)
    aws-sigv4 (1.0.0)
    azure (0.7.7)
      addressable (~> 2.3)
      azure-core (~> 0.1)
      faraday (~> 0.9)
      faraday_middleware (~> 0.10)
      mime-types (>= 1, < 4.0)
      nokogiri (~> 1.6)
      systemu (~> 2.6)
      thor (~> 0.19)
    azure-core (0.1.7)
      faraday (~> 0.9)
      faraday_middleware (~> 0.10)
      nokogiri (~> 1.6)
    azure_mgmt_compute (0.9.0)
      ms_rest_azure (~> 0.7.0)
    azure_mgmt_network (0.9.0)
      ms_rest_azure (~> 0.7.0)
    azure_mgmt_resources (0.9.0)
      ms_rest_azure (~> 0.7.0)
    azure_mgmt_storage (0.9.0)
      ms_rest_azure (~> 0.7.0)
    codeclimate-test-reporter (1.0.5)
      simplecov
    concurrent-ruby (1.0.4)
    declarative (0.0.9)
    declarative-option (0.1.0)
    diff-lcs (1.3)
    docile (1.1.5)
    domain_name (0.5.20161129)
      unf (>= 0.0.5, < 1.0.0)
    faraday (0.11.0)
      multipart-post (>= 1.2, < 3)
    faraday-cookie_jar (0.0.6)
      faraday (>= 0.7.4)
      http-cookie (~> 1.0.0)
    faraday_middleware (0.11.0.1)
      faraday (>= 0.7.4, < 1.0)
    google-api-client (0.10.0)
      addressable (~> 2.3)
      googleauth (~> 0.5)
      httpclient (~> 2.7)
      hurley (~> 0.1)
      memoist (~> 0.11)
      mime-types (>= 1.6)
      representable (~> 3.0)
      retriable (>= 2.0, < 4.0)
    googleauth (0.5.1)
      faraday (~> 0.9)
      jwt (~> 1.4)
      logging (~> 2.0)
      memoist (~> 0.12)
      multi_json (~> 1.11)
      os (~> 0.9)
      signet (~> 0.7)
    http-cookie (1.0.3)
      domain_name (~> 0.5)
    httpclient (2.8.3)
    hurley (0.2)
    i18n (0.8.0)
    jmespath (1.3.1)
    json (2.0.3)
    jwt (1.5.6)
    little-plugger (1.1.4)
    logging (2.1.0)
      little-plugger (~> 1.1)
      multi_json (~> 1.10)
    memoist (0.15.0)
    mime-types (3.1)
      mime-types-data (~> 3.2015)
    mime-types-data (3.2016.0521)
    mini_portile2 (2.1.0)
    minitest (5.10.1)
    ms_rest (0.6.3)
      concurrent-ruby (~> 1.0)
      faraday (~> 0.9)
      timeliness (~> 0.3)
    ms_rest_azure (0.7.0)
      concurrent-ruby (~> 1.0)
      faraday (~> 0.9)
      faraday-cookie_jar (~> 0.0.6)
      ms_rest (~> 0.6.3)
    multi_json (1.12.1)
    multipart-post (2.0.0)
    net-ssh (4.0.1)
    nokogiri (1.7.0.1)
      mini_portile2 (~> 2.1.0)
    os (0.9.6)
    public_suffix (2.0.5)
    rake (12.0.0)
    representable (3.0.3)
      declarative (< 0.1.0)
      declarative-option (< 0.2.0)
      uber (< 0.2.0)
    retriable (3.0.0)
    rspec (3.5.0)
      rspec-core (~> 3.5.0)
      rspec-expectations (~> 3.5.0)
      rspec-mocks (~> 3.5.0)
    rspec-core (3.5.4)
      rspec-support (~> 3.5.0)
    rspec-expectations (3.5.0)
      diff-lcs (>= 1.2.0, < 2.0)
      rspec-support (~> 3.5.0)
    rspec-mocks (3.5.0)
      diff-lcs (>= 1.2.0, < 2.0)
      rspec-support (~> 3.5.0)
    rspec-support (3.5.0)
    shoulda-matchers (3.1.1)
      activesupport (>= 4.0.0)
    signet (0.7.3)
      addressable (~> 2.3)
      faraday (~> 0.9)
      jwt (~> 1.5)
      multi_json (~> 1.10)
    simplecov (0.13.0)
      docile (~> 1.1.0)
      json (>= 1.8, < 3)
      simplecov-html (~> 0.10.0)
    simplecov-html (0.10.0)
    systemu (2.6.5)
    thor (0.19.4)
    thread_safe (0.3.5)
    timeliness (0.3.8)
    tzinfo (1.2.2)
      thread_safe (~> 0.1)
    uber (0.1.0)
    unf (0.1.4)
      unf_ext
    unf_ext (0.0.7.2)

PLATFORMS
  ruby

DEPENDENCIES
  activesupport
  bundler
  codeclimate-test-reporter
  rake
  rspec
  shoulda-matchers
  simplecov
  sitefull-cloud!

BUNDLED WITH
   1.14.4
